GEM
  remote: https://rubygems.org/
  specs:
    event_emitter (0.2.6)
    websocket (1.2.8)
    websocket-client-simple (0.3.0)
      event_emitter
      websocket

PLATFORMS
  ruby

DEPENDENCIES
  websocket-client-simple

BUNDLED WITH
   1.17.1
